PATH
  remote: .
  specs:
    excelsior (0.0.9)

GEM
  remote: https://rubygems.org/
  specs:
    diff-lcs (1.2.5)
    docile (1.1.1)
    multi_json (1.8.2)
    rake (10.1.1)
    rake-compiler (0.9.2)
      rake
    rspec (2.14.1)
      rspec-core (~> 2.14.0)
      rspec-expectations (~> 2.14.0)
      rspec-mocks (~> 2.14.0)
    rspec-core (2.14.7)
    rspec-expectations (2.14.4)
      diff-lcs (>= 1.1.3, < 2.0)
    rspec-mocks (2.14.4)
    simplecov (0.8.2)
      docile (~> 1.1.0)
      multi_json
      simplecov-html (~> 0.8.0)
    simplecov-html (0.8.0)

PLATFORMS
  ruby

DEPENDENCIES
  excelsior!
  rake
  rake-compiler
  rspec
  simplecov
